GIT
  remote: git@github.com:Sfate/minion.git
  revision: 7844cfdca37662dffb529c86a6c948a1043e6e50
  specs:
    minion (0.1.15)
      amqp (>= 0.6.7)
      bunny (>= 0.6.0)
      json (>= 1.2.0)

GEM
  remote: https://rubygems.org/
  remote: http://gems.github.com/
  specs:
    amq-client (0.9.2)
      amq-protocol (>= 0.9.0)
      eventmachine
    amq-protocol (0.9.0)
    amqp (0.9.4)
      amq-client (~> 0.9.2)
      amq-protocol (>= 0.9.0)
      eventmachine
    backports (2.5.3)
    bunny (0.7.9)
    daemons (1.1.8)
    eventmachine (0.12.10)
    json (1.7.1)
    pg (0.13.2)
    rack (1.4.1)
    rack-protection (1.2.0)
      rack
    rack-test (0.6.1)
      rack (>= 1.0)
    sinatra (1.3.2)
      rack (~> 1.3, >= 1.3.6)
      rack-protection (~> 1.2)
      tilt (~> 1.3, >= 1.3.3)
    sinatra-contrib (1.3.1)
      backports (>= 2.0)
      eventmachine
      rack-protection
      rack-test
      sinatra (~> 1.3.0)
      tilt (~> 1.3)
    sinatra-reloader (1.0)
      sinatra-contrib
    thin (1.3.1)
      daemons (>= 1.0.9)
      eventmachine (>= 0.12.6)
      rack (>= 1.0.0)
    tilt (1.3.3)
    tmm1-amqp (0.6.4)
      eventmachine (>= 0.12.4)

PLATFORMS
  ruby

DEPENDENCIES
  eventmachine
  json
  minion!
  pg
  sinatra
  sinatra-reloader
  thin
  tmm1-amqp
